PATH
  remote: .
  specs:
    authsignal-ruby (3.0.2)
      faraday (>= 2)
      faraday-retry (~> 2.2)

GEM
  remote: https://rubygems.org/
  specs:
    addressable (2.8.7)
      public_suffix (>= 2.0.2, < 7.0)
    bigdecimal (3.1.8)
    crack (1.0.0)
      bigdecimal
      rexml
    diff-lcs (1.5.0)
    faraday (2.12.0)
      faraday-net_http (>= 2.0, < 3.4)
      json
      logger
    faraday-net_http (3.3.0)
      net-http
    faraday-retry (2.2.1)
      faraday (~> 2.0)
    hashdiff (1.1.1)
    json (2.7.2)
    logger (1.6.1)
    net-http (0.4.1)
      uri
    public_suffix (6.0.1)
    rake (13.0.6)
    rexml (3.3.8)
    rspec (3.11.0)
      rspec-core (~> 3.11.0)
      rspec-expectations (~> 3.11.0)
      rspec-mocks (~> 3.11.0)
    rspec-core (3.11.0)
      rspec-support (~> 3.11.0)
    rspec-expectations (3.11.0)
      diff-lcs (>= 1.2.0, < 2.0)
      rspec-support (~> 3.11.0)
    rspec-mocks (3.11.1)
      diff-lcs (>= 1.2.0, < 2.0)
      rspec-support (~> 3.11.0)
    rspec-support (3.11.0)
    uri (0.13.1)
    webmock (3.24.0)
      addressable (>= 2.8.0)
      crack (>= 0.3.2)
      hashdiff (>= 0.4.0, < 2.0.0)

PLATFORMS
  ruby

DEPENDENCIES
  authsignal-ruby!
  rake (~> 13.0)
  rspec (~> 3.2)
  webmock (~> 3.14)

BUNDLED WITH
   2.3.21
